GEM
  remote: http://rubygems.org/
  specs:
    rake (0.9.2.2)

PLATFORMS
  ruby
  x86-mingw32

DEPENDENCIES
  rake
